GEM
  remote: https://gems.ruby-china.com/
  specs:
    coderay (1.1.3)
    concurrent-ruby (1.1.7)
    faraday (1.0.1)
      multipart-post (>= 1.2, < 3)
    http_router (0.11.2)
      rack (>= 1.0.0)
      url_mount (~> 0.2.1)
    i18n (1.8.5)
      concurrent-ruby (~> 1.0)
    ice_nine (0.11.2)
    lita (4.7.1)
      bundler (>= 1.3)
      faraday (>= 0.8.7)
      http_router (>= 0.11.2)
      i18n (>= 0.6.9)
      ice_nine (>= 0.11.0)
      multi_json (>= 1.7.7)
      puma (>= 2.7.1)
      rack (>= 1.5.2, < 2.0.0)
      rb-readline (>= 0.5.1)
      redis-namespace (>= 1.3.0)
      thor (>= 0.18.1)
    lita-doubler (0.1.2)
      lita (>= 4.7)
    method_source (1.0.0)
    multi_json (1.15.0)
    multipart-post (2.1.1)
    nio4r (2.5.4)
    pry (0.13.1)
      coderay (~> 1.1)
      method_source (~> 1.0)
    puma (5.0.0)
      nio4r (~> 2.0)
    rack (1.6.13)
    rb-readline (0.5.5)
    redis (4.2.2)
    redis-namespace (1.8.0)
      redis (>= 3.0.4)
    thor (1.0.1)
    url_mount (0.2.1)
      rack

PLATFORMS
  ruby

DEPENDENCIES
  lita
  lita-doubler
  pry (~> 0.13.1)

BUNDLED WITH
   2.1.4
